GEM
  remote: https://rubygems.org/
  specs:
    logtail (0.1.13)
      msgpack (~> 1.0)
    msgpack (1.7.2)

PLATFORMS
  ruby

DEPENDENCIES
  logtail (~> 0.1.13)

BUNDLED WITH
   2.1.4
